GEM
  remote: http://rubygems.org/
  specs:
    mini_portile2 (2.0.0)
    mysql (2.9.1)
    mysql (2.9.1-x86-mingw32)
    nokogiri (1.6.7.1)
      mini_portile2 (~> 2.0.0.rc2)
    nokogiri (1.6.7.1-x64-mingw32)
      mini_portile2 (~> 2.0.0.rc2)
    nokogiri (1.6.7.1-x86-mingw32)
      mini_portile2 (~> 2.0.0.rc2)
    rack (1.6.4)
    rack-protection (1.5.3)
      rack
    sequel (4.29.0)
    sinatra (1.4.6)
      rack (~> 1.4)
      rack-protection (~> 1.4)
      tilt (>= 1.3, < 3)
    tilt (2.0.1)
    xml-object (0.9.93)

PLATFORMS
  ruby
  x64-mingw32
  x86-mingw32

DEPENDENCIES
  mysql
  nokogiri
  rack
  sequel
  sinatra
  xml-object

BUNDLED WITH
   1.11.2
